STORAGE: NONE
RESTRICTION: == net9.0
NUGET
  remote: https://api.nuget.org/v3/index.json
    Aether (8.3.1)
      FSharp.Core (>= 4.3.4)
    ClosedXML (0.97)
      DocumentFormat.OpenXml (>= 2.16)
      ExcelNumberFormat (>= 1.1)
      Microsoft.CSharp (>= 4.7)
      SixLabors.Fonts (>= 1.0.0-beta18)
      System.Buffers (>= 4.5.1)
      System.IO.Packaging (>= 4.7)
      System.Memory (>= 4.5.4)
      XLParser (>= 1.5.2)
    ConsoleTables (2.7)
      Wcwidth (>= 1.0)
    DocumentFormat.OpenXml (3.3)
      DocumentFormat.OpenXml.Framework (>= 3.3)
    DocumentFormat.OpenXml.Framework (3.3)
      System.IO.Packaging (>= 8.0.1)
    ExcelNumberFormat (1.1)
    Expecto (10.2.3)
      FSharp.Core (>= 7.0.200)
      Mono.Cecil (>= 0.11.4 < 1.0)
    Expecto.FsCheck (10.2.3)
      Expecto (>= 10.2.3)
      FsCheck (>= 2.16.5 < 3.0)
    Fable.AST (4.5)
    Fable.Browser.Blob (1.4)
      Fable.Core (>= 3.2.8)
      FSharp.Core (>= 4.7.2)
    Fable.Browser.DOM (2.20)
      Fable.Browser.Blob (>= 1.4)
      Fable.Browser.Event (>= 1.7)
      Fable.Browser.WebStorage (>= 1.3)
      Fable.Core (>= 3.2.8)
      FSharp.Core (>= 4.7.2)
    Fable.Browser.Event (1.7)
      Fable.Browser.Gamepad (>= 1.3)
      Fable.Core (>= 3.2.8)
      FSharp.Core (>= 4.7.2)
    Fable.Browser.Gamepad (1.3)
      Fable.Core (>= 3.2.8)
      FSharp.Core (>= 4.7.2)
    Fable.Browser.WebStorage (1.3)
      Fable.Browser.Event (>= 1.6)
      Fable.Core (>= 3.2.8)
      FSharp.Core (>= 4.7.2)
    Fable.Browser.XMLHttpRequest (1.4)
      Fable.Browser.Blob (>= 1.4)
      Fable.Browser.Event (>= 1.6)
      Fable.Core (>= 3.2.8)
      FSharp.Core (>= 4.7.2)
    Fable.Core (4.5)
    Fable.Elmish (5.0.2)
      Fable.Core (>= 4.0)
      FSharp.Core (>= 4.7.2)
    Fable.Elmish.Debugger (4.2.2)
      Fable.Elmish (>= 4.3)
      FSharp.Core (>= 6.0.7)
      Thoth.Json (>= 6.0)
    Fable.Elmish.HMR (8.0)
      Fable.Core (>= 4.5)
      Fable.Elmish.React (>= 5.0)
      FSharp.Core (>= 4.7.2)
    Fable.Elmish.React (5.0)
      Fable.Elmish (>= 5.0)
      Fable.ReactDom.Types (>= 18.2)
      FSharp.Core (>= 4.7.2)
    Fable.Mocha (2.17)
      Fable.Core (>= 3.0)
      FSharp.Core (>= 4.7)
    Fable.Parsimmon (4.1)
      Fable.Core (>= 3.0)
      FSharp.Core (>= 4.6.2)
    Fable.React.Types (18.4)
      Fable.Browser.DOM (>= 2.4.4)
      Fable.Core (>= 3.2.7)
      FSharp.Core (>= 4.7.2)
    Fable.React.UseElmish (1.0.0-beta-001)
      Fable.Elmish (>= 4.0.0-beta-5)
      FSharp.Core (>= 4.7.2)
    Fable.ReactDom.Types (18.2)
      Fable.React.Types (>= 18.3)
      FSharp.Core (>= 4.7.2)
    Fable.Remoting.Client (7.35)
      Fable.Browser.XMLHttpRequest (>= 1.0)
      Fable.Core (>= 3.1.5)
      Fable.Remoting.MsgPack (>= 1.25)
      Fable.SimpleJson (>= 3.24)
      FSharp.Core (>= 4.7.2)
    Fable.Remoting.Giraffe (5.24)
      Fable.Remoting.Server (>= 5.42)
      FSharp.Core (>= 6.0)
      Giraffe (>= 5.0)
      Microsoft.IO.RecyclableMemoryStream (>= 3.0 < 4.0)
    Fable.Remoting.Json (2.25)
      FSharp.Core (>= 6.0)
      Newtonsoft.Json (>= 13.0.3)
    Fable.Remoting.MsgPack (1.25)
      FSharp.Core (>= 4.7.2)
    Fable.Remoting.Server (5.42)
      Fable.Remoting.Json (>= 2.25)
      Fable.Remoting.MsgPack (>= 1.25)
      FSharp.Core (>= 6.0)
      Microsoft.AspNetCore.WebUtilities (>= 2.3)
      Microsoft.IO.RecyclableMemoryStream (>= 3.0 < 4.0)
      Microsoft.Net.Http.Headers (>= 2.3)
    Fable.SimpleHttp (3.6)
      Fable.Browser.DOM (>= 1.0)
      Fable.Browser.XMLHttpRequest (>= 1.1)
      Fable.Core (>= 3.0)
      FSharp.Core (>= 4.6.2)
    Fable.SimpleJson (3.24)
      Fable.Core (>= 3.1.5)
      Fable.Parsimmon (>= 4.0)
      FSharp.Core (>= 4.7)
    Fake.Core.CommandLineParsing (6.1.3)
      FParsec (>= 1.1.1)
      FSharp.Core (>= 8.0.301)
    Fake.Core.Context (6.1.3)
      FSharp.Core (>= 8.0.301)
    Fake.Core.Environment (6.1.3)
      FSharp.Core (>= 8.0.301)
    Fake.Core.FakeVar (6.1.3)
      Fake.Core.Context (>= 6.1.3)
      FSharp.Core (>= 8.0.301)
    Fake.Core.Process (6.1.3)
      Fake.Core.Environment (>= 6.1.3)
      Fake.Core.FakeVar (>= 6.1.3)
      Fake.Core.String (>= 6.1.3)
      Fake.Core.Trace (>= 6.1.3)
      Fake.IO.FileSystem (>= 6.1.3)
      FSharp.Core (>= 8.0.301)
      System.Collections.Immutable (>= 8.0)
    Fake.Core.String (6.1.3)
      FSharp.Core (>= 8.0.301)
    Fake.Core.Target (6.1.3)
      Fake.Core.CommandLineParsing (>= 6.1.3)
      Fake.Core.Context (>= 6.1.3)
      Fake.Core.Environment (>= 6.1.3)
      Fake.Core.FakeVar (>= 6.1.3)
      Fake.Core.Process (>= 6.1.3)
      Fake.Core.String (>= 6.1.3)
      Fake.Core.Trace (>= 6.1.3)
      FSharp.Control.Reactive (>= 5.0.2)
      FSharp.Core (>= 8.0.301)
    Fake.Core.Trace (6.1.3)
      Fake.Core.Environment (>= 6.1.3)
      Fake.Core.FakeVar (>= 6.1.3)
      FSharp.Core (>= 8.0.301)
    Fake.IO.FileSystem (6.1.3)
      Fake.Core.String (>= 6.1.3)
      Fake.Core.Trace (>= 6.1.3)
      FSharp.Core (>= 8.0.301)
    Feliz (2.9)
      Fable.ReactDom.Types (>= 18.2)
      Feliz.CompilerPlugins (>= 2.2)
      FSharp.Core (>= 4.7.2)
    Feliz.CompilerPlugins (2.2)
      Fable.AST (>= 4.2.1)
      FSharp.Core (>= 4.7.2)
    Feliz.Markdown (2.4)
      Feliz (>= 2.4)
      FSharp.Core (>= 4.7.2)
    Feliz.Router (4.0)
      Fable.Elmish (>= 4.0)
      Feliz (>= 2.3)
      FSharp.Core (>= 4.7.2)
    Feliz.UseElmish (2.5)
      Fable.Elmish (>= 4.0)
      FSharp.Core (>= 4.7.2)
    FParsec (1.1.1)
      FSharp.Core (>= 4.3.4)
    FsCheck (2.16.6)
      FSharp.Core (>= 4.2.3)
    FSharp.Control.Reactive (6.1.2)
      FSharp.Core (>= 6.0.7)
      System.Reactive (>= 6.0.1)
    FSharp.Control.Websockets (0.3)
      FSharp.Core (>= 6.0)
      Microsoft.IO.RecyclableMemoryStream (>= 3.0)
    FSharp.Core (9.0.303)
    FSharp.Data (6.6)
      FSharp.Core (>= 6.0.1)
      FSharp.Data.Csv.Core (>= 6.6)
      FSharp.Data.Html.Core (>= 6.6)
      FSharp.Data.Http (>= 6.6)
      FSharp.Data.Json.Core (>= 6.6)
      FSharp.Data.Runtime.Utilities (>= 6.6)
      FSharp.Data.WorldBank.Core (>= 6.6)
      FSharp.Data.Xml.Core (>= 6.6)
    FSharp.Data.Csv.Core (6.6)
      FSharp.Core (>= 6.0.1)
      FSharp.Data.Runtime.Utilities (>= 6.6)
    FSharp.Data.Html.Core (6.6)
      FSharp.Core (>= 6.0.1)
      FSharp.Data.Csv.Core (>= 6.6)
      FSharp.Data.Runtime.Utilities (>= 6.6)
    FSharp.Data.Http (6.6)
      FSharp.Core (>= 6.0.1)
    FSharp.Data.Json.Core (6.6)
      FSharp.Core (>= 6.0.1)
      FSharp.Data.Http (>= 6.6)
      FSharp.Data.Runtime.Utilities (>= 6.6)
    FSharp.Data.Runtime.Utilities (6.6)
      FSharp.Core (>= 6.0.1)
      FSharp.Data.Http (>= 6.6)
    FSharp.Data.WorldBank.Core (6.6)
      FSharp.Core (>= 6.0.1)
      FSharp.Data.Http (>= 6.6)
      FSharp.Data.Json.Core (>= 6.6)
      FSharp.Data.Runtime.Utilities (>= 6.6)
    FSharp.Data.Xml.Core (6.6)
      FSharp.Core (>= 6.0.1)
      FSharp.Data.Http (>= 6.6)
      FSharp.Data.Json.Core (>= 6.6)
      FSharp.Data.Runtime.Utilities (>= 6.6)
    FSharp.SystemTextJson (1.4.36)
      FSharp.Core (>= 4.7)
      System.Text.Json (>= 6.0.10)
    FSharpPlus (1.7)
      FSharp.Core (>= 6.0.6)
    FsToolkit.ErrorHandling (5.1)
      FSharp.Core (>= 9.0.300)
    Giraffe (7.0.2)
      FSharp.Core (>= 6.0)
      FSharp.SystemTextJson (>= 1.3.13)
      Giraffe.ViewEngine (>= 1.4)
      Microsoft.IO.RecyclableMemoryStream (>= 3.0.1)
      System.Text.Json (>= 8.0.5)
    Giraffe.ViewEngine (1.4)
      FSharp.Core (>= 5.0)
    HtmlAgilityPack (1.12.3)
    IcedTasks (0.11.9)
      FSharp.Core (>= 9.0.300)
    Irony (1.5.3)
    Markdig (0.42)
    MathNet.Numerics (5.0)
    MathNet.Numerics.FSharp (5.0)
      FSharp.Core (>= 6.0.2)
      MathNet.Numerics (>= 5.0)
    Microsoft.ApplicationInsights (2.23)
      System.Diagnostics.DiagnosticSource (>= 5.0)
    Microsoft.AspNetCore.Authentication.JwtBearer (9.0.8)
      Microsoft.IdentityModel.Protocols.OpenIdConnect (>= 8.0.1)
    Microsoft.AspNetCore.WebUtilities (9.0.8)
      Microsoft.Net.Http.Headers (>= 9.0.8)
    Microsoft.CodeCoverage (18.0)
    Microsoft.CSharp (4.7)
    Microsoft.Extensions.DependencyInjection.Abstractions (9.0.8)
    Microsoft.Extensions.Logging.Abstractions (9.0.8)
      Microsoft.Extensions.DependencyInjection.Abstractions (>= 9.0.8)
    Microsoft.Extensions.Primitives (9.0.8)
    Microsoft.Identity.Abstractions (9.3)
    Microsoft.IdentityModel.Abstractions (8.13.1)
    Microsoft.IdentityModel.JsonWebTokens (8.13.1)
      Microsoft.IdentityModel.Tokens (>= 8.13.1)
    Microsoft.IdentityModel.Logging (8.13.1)
      Microsoft.IdentityModel.Abstractions (>= 8.13.1)
    Microsoft.IdentityModel.Protocols (8.13.1)
      Microsoft.IdentityModel.Tokens (>= 8.13.1)
    Microsoft.IdentityModel.Protocols.OpenIdConnect (8.13.1)
      Microsoft.IdentityModel.Protocols (>= 8.13.1)
      System.IdentityModel.Tokens.Jwt (>= 8.13.1)
    Microsoft.IdentityModel.Tokens (8.13.1)
      Microsoft.Extensions.Logging.Abstractions (>= 8.0)
      Microsoft.Identity.Abstractions (>= 9.3)
      Microsoft.IdentityModel.Logging (>= 8.13.1)
    Microsoft.IO.RecyclableMemoryStream (3.0.1)
    Microsoft.Net.Http.Headers (9.0.8)
      Microsoft.Extensions.Primitives (>= 9.0.8)
    Microsoft.Net.Test.Sdk (18.0)
      Microsoft.CodeCoverage (>= 18.0)
      Microsoft.TestPlatform.TestHost (>= 18.0)
    Microsoft.Testing.Extensions.Telemetry (1.9)
      Microsoft.ApplicationInsights (>= 2.23)
      Microsoft.Testing.Platform (>= 1.9)
    Microsoft.Testing.Extensions.TrxReport.Abstractions (1.9)
      Microsoft.Testing.Platform (>= 1.9)
    Microsoft.Testing.Extensions.VSTestBridge (1.9)
      Microsoft.Testing.Extensions.Telemetry (>= 1.9)
      Microsoft.Testing.Extensions.TrxReport.Abstractions (>= 1.9)
      Microsoft.Testing.Platform (>= 1.9)
      Microsoft.TestPlatform.AdapterUtilities (>= 17.13)
      Microsoft.TestPlatform.ObjectModel (>= 17.13)
    Microsoft.Testing.Platform (1.9)
    Microsoft.Testing.Platform.MSBuild (1.9)
      Microsoft.Testing.Platform (>= 1.9)
    Microsoft.TestPlatform.AdapterUtilities (17.14.1)
    Microsoft.TestPlatform.ObjectModel (18.0)
      System.Reflection.Metadata (>= 8.0)
    Microsoft.TestPlatform.TestHost (18.0)
      Microsoft.TestPlatform.ObjectModel (>= 18.0)
      Newtonsoft.Json (>= 13.0.3)
    Mono.Cecil (0.11.6)
    Namotion.Reflection (3.4.3)
    Newtonsoft.Json (13.0.3)
    NJsonSchema (11.5.1)
      Namotion.Reflection (>= 3.4.3)
      Newtonsoft.Json (>= 13.0.3)
      NJsonSchema.Annotations (>= 11.5.1)
    NJsonSchema.Annotations (11.5.1)
    Saturn (0.17)
      FSharp.Control.Websockets (>= 0.2.2)
      Giraffe (>= 6.4)
      Microsoft.AspNetCore.Authentication.JwtBearer (>= 6.0.3)
    SixLabors.Fonts (2.1.3)
    System.Buffers (4.6.1)
    System.Collections.Immutable (9.0.8)
    System.Diagnostics.DiagnosticSource (9.0.8)
    System.IdentityModel.Tokens.Jwt (8.13.1)
      Microsoft.IdentityModel.JsonWebTokens (>= 8.13.1)
      Microsoft.IdentityModel.Tokens (>= 8.13.1)
    System.IO.Packaging (9.0.8)
    System.Memory (4.6.3)
    System.Reactive (6.0.2)
    System.Reflection.Metadata (9.0.8)
    System.Text.Json (9.0.8)
    Thoth.Json (10.4.1)
      Fable.Core (>= 4.1)
      FSharp.Core (>= 5.0.2)
    Unquote (7.0.1)
      FSharp.Core (>= 6.0)
    Validus (4.1.4)
      FSharp.Core (>= 4.5.2)
    Wcwidth (2.0)
    XLParser (1.7.5)
      Irony (>= 1.5.3)
    YoloDev.Expecto.TestSdk (0.15.5)
      Expecto (>= 10.2.2 < 11.0)
      FSharp.Core (>= 7.0.200)
      Microsoft.Testing.Extensions.VSTestBridge (>= 1.9)
      Microsoft.Testing.Platform.MSBuild (>= 1.9)
